GEM
  remote: https://rubygems.org/
  specs:
    base64 (0.3.0)
    cloud_events (0.7.1)
    datadog (2.21.0)
      datadog-ruby_core_source (~> 3.4, >= 3.4.1)
      libdatadog (~> 18.1.0.1.0)
      libddwaf (~> 1.24.1.2.1)
      logger
      msgpack
    datadog-ruby_core_source (3.4.1)
    ffi (1.17.2-arm64-darwin)
    ffi (1.17.2-x86_64-linux-gnu)
    functions_framework (1.6.2)
      cloud_events (>= 0.7.0, < 2.a)
      puma (>= 4.3.0, < 7.a)
      rack (>= 2.1, < 4.a)
    libdatadog (18.1.0.1.0)
    libdatadog (18.1.0.1.0-x86_64-linux)
    libddwaf (1.24.1.2.1-arm64-darwin)
      ffi (~> 1.0)
    libddwaf (1.24.1.2.1-x86_64-linux)
      ffi (~> 1.0)
    logger (1.7.0)
    msgpack (1.8.0)
    nio4r (2.7.4)
    puma (6.6.1)
      nio4r (~> 2.0)
    rack (3.2.1)

PLATFORMS
  arm64-darwin-23
  x86_64-linux

DEPENDENCIES
  base64
  datadog
  functions_framework

BUNDLED WITH
   2.4.10
